GEM
  remote: https://rubygems.org/
  specs:
    backports (3.12.0)
    colorize (0.8.1)
    ipscanner (0.3.0)
    macaddr (1.7.1)
      systemu (~> 2.6.2)
    multi_json (1.13.1)
    mustermann (1.0.3)
    packetfu (1.1.13)
      pcaprub
    pcaprub (0.13.0)
    rack (2.2.3)
    rack-protection (2.0.5)
      rack
    sinatra (2.0.5)
      mustermann (~> 1.0)
      rack (~> 2.0)
      rack-protection (= 2.0.5)
      tilt (~> 2.0)
    sinatra-contrib (2.0.5)
      backports (>= 2.8.2)
      multi_json
      mustermann (~> 1.0)
      rack-protection (= 2.0.5)
      sinatra (= 2.0.5)
      tilt (>= 1.3, < 3)
    sinatra-reloader (1.0)
      sinatra-contrib
    systemu (2.6.5)
    terminal-table (1.8.0)
      unicode-display_width (~> 1.1, >= 1.1.1)
    tilt (2.0.9)
    unicode-display_width (1.5.0)

PLATFORMS
  ruby

DEPENDENCIES
  colorize
  ipscanner
  macaddr
  packetfu
  sinatra
  sinatra-reloader
  terminal-table

BUNDLED WITH
   2.0.1
